GEM
  remote: http://rubygems.org/
  specs:
    bluecloth (2.0.7)
    rake (0.8.7)
    rcov (0.9.8)
    rspec (1.3.0)
    yard (0.5.8)
    yard-rspec (0.1)
      yard

PLATFORMS
  ruby

DEPENDENCIES
  bluecloth (>= 2.0.5)
  rake (>= 0.8.7)
  rcov (>= 0.9.8)
  rspec (>= 1.3.0)
  yard (>= 0.5.4)
  yard-rspec (>= 0.1.0)
